PATH
  remote: .
  specs:
    ctpl (0.0.3)
      thor (~> 0.20, >= 0.20.0)

GEM
  remote: http://rubygems.org/
  specs:
    thor (0.20.3)

PLATFORMS
  ruby

DEPENDENCIES
  ctpl!

BUNDLED WITH
   1.16.1
