PATH
  remote: .
  specs:
    ctpl (0.0.8)
      thor (~> 1.0, >= 1.0.0)

GEM
  remote: http://rubygems.org/
  specs:
    thor (1.0.1)

PLATFORMS
  ruby

DEPENDENCIES
  ctpl!

BUNDLED WITH
   1.17.3
